PATH
  remote: .
  specs:
    chronicle-shell (0.1.0)
      chronicle-etl (~> 0.4.0)

GEM
  remote: https://rubygems.org/
  specs:
    activesupport (7.0.2.2)
      concurrent-ruby (~> 1.0, >= 1.0.2)
      i18n (>= 1.6, < 2)
      minitest (>= 5.1)
      tzinfo (~> 2.0)
    chronic_duration (0.10.6)
      numerizer (~> 0.1.1)
    chronicle-etl (0.4.0)
      activesupport (~> 7.0)
      chronic_duration (~> 0.10.6)
      colorize (~> 0.8.1)
      marcel (~> 1.0.2)
      mini_exiftool (~> 2.10)
      nokogiri (~> 1.13)
      runcom (>= 6.0)
      sequel (~> 5.35)
      sqlite3 (~> 1.4)
      thor (~> 1.2)
      tty-progressbar (~> 0.17)
      tty-table (~> 0.11)
    colorize (0.8.1)
    concurrent-ruby (1.1.9)
    i18n (1.10.0)
      concurrent-ruby (~> 1.0)
    marcel (1.0.2)
    mini_exiftool (2.10.2)
    mini_portile2 (2.8.0)
    minitest (5.15.0)
    nokogiri (1.13.3)
      mini_portile2 (~> 2.8.0)
      racc (~> 1.4)
    nokogiri (1.13.3-arm64-darwin)
      racc (~> 1.4)
    numerizer (0.1.1)
    pastel (0.8.0)
      tty-color (~> 0.5)
    racc (1.6.0)
    rake (13.0.6)
    refinements (7.18.0)
    runcom (6.6.0)
      refinements (~> 7.16)
      xdg (~> 4.4)
    sequel (5.53.0)
    sqlite3 (1.4.2)
    strings (0.2.1)
      strings-ansi (~> 0.2)
      unicode-display_width (>= 1.5, < 3.0)
      unicode_utils (~> 1.4)
    strings-ansi (0.2.0)
    thor (1.2.1)
    tty-color (0.6.0)
    tty-cursor (0.7.1)
    tty-progressbar (0.18.2)
      strings-ansi (~> 0.2)
      tty-cursor (~> 0.7)
      tty-screen (~> 0.8)
      unicode-display_width (>= 1.6, < 3.0)
    tty-screen (0.8.1)
    tty-table (0.12.0)
      pastel (~> 0.8)
      strings (~> 0.2.0)
      tty-screen (~> 0.8)
    tzinfo (2.0.4)
      concurrent-ruby (~> 1.0)
    unicode-display_width (2.1.0)
    unicode_utils (1.4.0)
    xdg (4.5.0)

PLATFORMS
  -darwin-20
  arm64-darwin-20

DEPENDENCIES
  chronicle-shell!
  rake (~> 13.0)

BUNDLED WITH
   2.3.8
